PATH
  remote: .
  specs:
    scraper_worker (1.0.0)

GEM
  remote: https://rubygems.org/
  specs:
    activemodel (7.0.6)
      activesupport (= 7.0.6)
    activerecord (7.0.6)
      activemodel (= 7.0.6)
      activesupport (= 7.0.6)
    activesupport (7.0.6)
      concurrent-ruby (~> 1.0, >= 1.0.2)
      i18n (>= 1.6, < 2)
      minitest (>= 5.1)
      tzinfo (~> 2.0)
    amq-protocol (2.3.2)
    bunny (2.22.0)
      amq-protocol (~> 2.3, >= 2.3.1)
      sorted_set (~> 1, >= 1.0.2)
    concurrent-ruby (1.2.2)
    i18n (1.14.1)
      concurrent-ruby (~> 1.0)
    minitest (5.18.1)
    oj (3.15.0)
    oj_mimic_json (1.0.1)
    pg (1.5.3)
    psych (3.1.0)
    rake (12.3.3)
    rbtree (0.4.6)
    require_all (3.0.0)
    serverengine (2.1.1)
      sigdump (~> 0.2.2)
    set (1.0.3)
    sigdump (0.2.5)
    sneakers (2.12.0)
      bunny (~> 2.14)
      concurrent-ruby (~> 1.0)
      rake (~> 12.3)
      serverengine (~> 2.1.0)
      thor
    sorted_set (1.0.3)
      rbtree
      set (~> 1.0)
    thor (1.2.2)
    tzinfo (2.0.6)
      concurrent-ruby (~> 1.0)

PLATFORMS
  arm64-darwin-22

DEPENDENCIES
  activerecord
  bunny
  oj
  oj_mimic_json
  pg
  psych (= 3.1.0)
  require_all
  scraper_worker!
  sneakers

BUNDLED WITH
   2.3.3
